GEM
  remote: http://rubygems.org/
  specs:
    mime-types (2.0)
    rack (1.5.2)
    rack-protection (1.5.1)
      rack
    rack_ssi (0.0.4)
      rest-client
    rest-client (1.6.7)
      mime-types (>= 1.16)
    sinatra (1.4.4)
      rack (~> 1.4)
      rack-protection (~> 1.4)
      tilt (~> 1.3, >= 1.3.4)
    tilt (1.4.1)

PLATFORMS
  ruby

DEPENDENCIES
  rack_ssi
  sinatra
